PATH
  remote: .
  specs:
    musedown (0.1.0)
      thor (~> 0.20)

GEM
  remote: https://rubygems.org/
  specs:
    rake (12.3.3)
    thor (0.20.3)

PLATFORMS
  ruby

DEPENDENCIES
  musedown!
  rake (~> 12.0)

BUNDLED WITH
   2.1.4
